PATH
  remote: .
  specs:
    webcmd (0.0.1)
      puma (~> 1.6.3)
      rack (~> 1.4.1)

GEM
  remote: https://rubygems.org/
  specs:
    puma (1.6.3)
      rack (~> 1.2)
    rack (1.4.1)
    rack-test (0.6.1)
      rack (>= 1.0)
    rake (0.9.2.2)

PLATFORMS
  ruby

DEPENDENCIES
  rack-test
  rake
  webcmd!
